PATH
  remote: .
  specs:
    timberline-rails (0.3.0)
      timberline (~> 0.8.5)

GEM
  remote: http://rubygems.org/
  specs:
    coderay (1.1.0)
    daemons (1.2.3)
    diff-lcs (1.2.5)
    method_source (0.8.2)
    pry (0.9.12.6)
      coderay (~> 1.0)
      method_source (~> 0.8)
      slop (~> 3.4)
    rake (10.3.2)
    redis (3.2.2)
    redis-expiring-set (0.1.2)
      redis
    redis-namespace (1.5.2)
      redis (~> 3.0, >= 3.0.4)
    rspec (3.0.0)
      rspec-core (~> 3.0.0)
      rspec-expectations (~> 3.0.0)
      rspec-mocks (~> 3.0.0)
    rspec-core (3.0.0)
      rspec-support (~> 3.0.0)
    rspec-expectations (3.0.0)
      diff-lcs (>= 1.2.0, < 2.0)
      rspec-support (~> 3.0.0)
    rspec-mocks (3.0.0)
      rspec-support (~> 3.0.0)
    rspec-support (3.0.0)
    slop (3.5.0)
    timberline (0.8.5)
      daemons
      redis
      redis-expiring-set
      redis-namespace
      trollop
    trollop (2.1.2)
    yard (0.8.7.4)

PLATFORMS
  ruby

DEPENDENCIES
  pry
  rake
  rspec (~> 3.0.0)
  timberline-rails!
  yard

BUNDLED WITH
   1.10.6
